GEM
  remote: https://rubygems.org/
  specs:
    eventmachine (1.0.3)
    faye-websocket (0.7.4)
      eventmachine (>= 0.12.0)
      websocket-driver (>= 0.3.1)
    json (1.8.1)
    puma (2.6.0)
      rack (>= 1.1, < 2.0)
    rack (1.5.2)
    sinatra (1.1.0)
      rack (~> 1.1)
      tilt (~> 1.1)
    tilt (1.4.1)
    websocket-driver (0.3.4)

PLATFORMS
  ruby

DEPENDENCIES
  faye-websocket
  json
  puma
  sinatra (= 1.1.0)
